PATH
  remote: .
  specs:
    mapotempo_web_by_time_distance (0.0.1)

GEM
  remote: https://rubygems.org/
  specs:

PLATFORMS
  ruby

DEPENDENCIES
  mapotempo_web_by_time_distance!
